GEM
  remote: https://rubygems.org/
  specs:
    google_search_results (2.2.0)
    hashie (5.0.0)
    rmagick (4.2.6)

PLATFORMS
  ruby

DEPENDENCIES
  google_search_results
  hashie
  rmagick

